GIT
  remote: git://github.com/celluloid/reel.git
  revision: b92756dde5f22b114cffae9e51ccaf6196c581ca
  branch: master
  specs:
    reel (0.6.0)
      celluloid (>= 0.15.1)
      celluloid-io (>= 0.15.0)
      http (>= 0.6.0.pre)
      http_parser.rb (>= 0.6.0)
      websocket_parser (>= 0.1.6)

GIT
  remote: git://github.com/kenichi/angelo.git
  revision: 9a4179bf85939c5277390313e2e1a9544667cb52
  branch: tracklet
  specs:
    angelo (0.4.0pre)
      mime-types (~> 2.4)
      mustermann (~> 0.4)
      reel (~> 0.5)
      tilt (~> 2.0)

GIT
  remote: git://github.com/kenichi/terraformer-ruby.git
  revision: 9010d90c647084c3244da5bb94e4bbe983b2494e
  branch: tracklet
  specs:
    terraformer (0.0.9)
      launchy (~> 2.4)

GEM
  remote: https://rubygems.org/
  specs:
    addressable (2.3.6)
    awesome_print (1.6.1)
    celluloid (0.16.0)
      timers (~> 4.0.0)
    celluloid-io (0.16.1)
      celluloid (>= 0.16.0)
      nio4r (>= 1.0.0)
    celluloid-redis (0.0.2)
      celluloid-io (>= 0.13.0.pre)
      redis
    coderay (1.1.0)
    form_data (0.1.0)
    hitimes (1.2.2)
    http (0.7.1)
      form_data (~> 0.1.0)
      http_parser.rb (~> 0.6.0)
    http_parser.rb (0.6.0)
    httpclient (2.6.0.1)
    launchy (2.4.3)
      addressable (~> 2.3)
    method_source (0.8.2)
    mime-types (2.4.3)
    mustermann (0.4.0)
      tool (~> 0.2)
    nio4r (1.1.0)
    pg (0.18.1)
    pry (0.10.1)
      coderay (~> 1.1.0)
      method_source (~> 0.8.1)
      slop (~> 3.4)
    pry-nav (0.2.4)
      pry (>= 0.9.10, < 0.11.0)
    redis (3.2.0)
    sequel (4.18.0)
    slop (3.6.0)
    tilt (2.0.1)
    timers (4.0.1)
      hitimes
    tool (0.2.3)
    websocket_parser (1.0.0)

PLATFORMS
  ruby

DEPENDENCIES
  angelo!
  awesome_print
  celluloid-redis
  httpclient
  pg
  pry
  pry-nav
  redis
  reel!
  sequel
  terraformer!
