GIT
  remote: git://github.com/celluloid/reel.git
  revision: 09df489071a5e196d975023792a749052f5ff393
  specs:
    reel (0.6.0)
      celluloid (>= 0.15.1)
      celluloid-io (>= 0.15.0)
      http (>= 0.6.0.pre)
      http_parser.rb (>= 0.6.0)
      rack
      websocket-driver (>= 0.5.1)

GEM
  remote: https://rubygems.org/
  specs:
    addressable (2.3.7)
    angelo (0.4.1)
      mime-types (~> 2.4)
      mustermann (~> 0.4)
      reel (~> 0.5)
      tilt (~> 2.0)
    awesome_print (1.6.1)
    celluloid (0.16.0)
      timers (~> 4.0.0)
    celluloid-io (0.16.2)
      celluloid (>= 0.16.0)
      nio4r (>= 1.1.0)
    celluloid-redis (0.0.2)
      celluloid-io (>= 0.13.0.pre)
      redis
    coderay (1.1.0)
    form_data (0.1.0)
    hitimes (1.2.2)
    http (0.7.1)
      form_data (~> 0.1.0)
      http_parser.rb (~> 0.6.0)
    http_parser.rb (0.6.0)
    httpclient (2.6.0.1)
    launchy (2.4.3)
      addressable (~> 2.3)
    method_source (0.8.2)
    mime-types (2.4.3)
    mustermann (0.4.0)
      tool (~> 0.2)
    nio4r (1.1.0)
    pg (0.18.1)
    pry (0.10.1)
      coderay (~> 1.1.0)
      method_source (~> 0.8.1)
      slop (~> 3.4)
    pry-nav (0.2.4)
      pry (>= 0.9.10, < 0.11.0)
    rack (1.6.0)
    redis (3.2.1)
    sequel (4.19.0)
    slop (3.6.0)
    terraformer (0.2.0)
      launchy (~> 2.4)
    tilt (2.0.1)
    timers (4.0.1)
      hitimes
    tool (0.2.3)
    websocket-driver (0.5.2)
      websocket-extensions (>= 0.1.0)
    websocket-extensions (0.1.2)

PLATFORMS
  ruby

DEPENDENCIES
  angelo (= 0.4.1)
  awesome_print
  celluloid-redis
  httpclient
  pg
  pry
  pry-nav
  redis
  reel!
  sequel
  terraformer
